GIT
  remote: https://github.com/meh/ruby-thread.git
  revision: a0572745bd46b2d8d0da6cd62f4ef2b83b15b8db
  specs:
    thread (0.1.3)

GIT
  remote: https://github.com/sul-dlss/rack-webauth.git
  revision: 655e83ddc28d569545c82c10c2cce60a59c359c9
  specs:
    rack-webauth (0.1.3)
      rack

GIT
  remote: https://github.com/sul-dlss/rsolr.git
  revision: 9e74fbcf5a11373d022cb951363d3045058e07ef
  branch: nokogiri
  specs:
    rsolr (1.0.7)
      builder (>= 2.1.2)

GEM
  remote: https://rubygems.org/
  remote: http://sul-gems.stanford.edu/
  specs:
    Ascii85 (1.0.2)
    about_page (0.2.6)
      rails (~> 3.2)
    actionmailer (3.2.16)
      actionpack (= 3.2.16)
      mail (~> 2.5.4)
    actionpack (3.2.16)
      activemodel (= 3.2.16)
      activesupport (= 3.2.16)
      builder (~> 3.0.0)
      erubis (~> 2.7.0)
      journey (~> 1.0.4)
      rack (~> 1.4.5)
      rack-cache (~> 1.2)
      rack-test (~> 0.6.1)
      sprockets (~> 2.2.1)
    active-fedora (5.7.1)
      activeresource (>= 3.0.0)
      activesupport (>= 3.0.0)
      builder (~> 3.0.0)
      deprecation
      mediashelf-loggable
      nom-xml (>= 0.5.1)
      om (~> 1.8.0)
      rdf
      rdf-rdfxml (~> 0.3.8)
      rsolr
      rubydora (~> 1.6)
      solrizer (~> 2.1)
    activemodel (3.2.16)
      activesupport (= 3.2.16)
      builder (~> 3.0.0)
    activerecord (3.2.16)
      activemodel (= 3.2.16)
      activesupport (= 3.2.16)
      arel (~> 3.0.2)
      tzinfo (~> 0.3.29)
    activeresource (3.2.16)
      activemodel (= 3.2.16)
      activesupport (= 3.2.16)
    activesupport (3.2.16)
      i18n (~> 0.6, >= 0.6.4)
      multi_json (~> 1.0)
    addressable (2.3.5)
    afm (0.2.0)
    arel (3.0.3)
    barby (0.5.1)
    blacklight (3.8.2)
      compass-rails (~> 1.0.0)
      compass-susy-plugin (>= 0.9.0)
      kaminari (~> 0.13)
      marc (>= 0.4.3, < 1.1)
      nokogiri (~> 1.5)
      rails (~> 3.1)
      rsolr (~> 1.0.6)
      rsolr-ext (~> 1.0.3)
      sass-rails
      unicode
    blacklight-hierarchy (0.0.3)
      blacklight (~> 3.2)
      rails (~> 3.2.0)
    builder (3.0.4)
    capybara (2.2.0)
      mime-types (>= 1.16)
      nokogiri (>= 1.3.3)
      rack (>= 1.0.0)
      rack-test (>= 0.5.4)
      xpath (~> 2.0)
    childprocess (0.3.9)
      ffi (~> 1.0, >= 1.0.11)
    chunky_png (1.2.9)
    coderay (1.1.0)
    coffee-rails (3.2.2)
      coffee-script (>= 2.2.0)
      railties (~> 3.2.0)
    coffee-script (2.2.0)
      coffee-script-source
      execjs
    coffee-script-source (1.6.3)
    compass (0.12.2)
      chunky_png (~> 1.2)
      fssm (>= 0.2.7)
      sass (~> 3.1)
    compass-rails (1.0.3)
      compass (>= 0.12.2, < 0.14)
    compass-susy-plugin (0.9)
      compass (>= 0.11.1)
    confstruct (0.2.5)
    daemons (1.1.9)
    dalli (2.6.4)
    deprecation (0.0.5)
      activesupport
    diff-lcs (1.2.5)
    docile (1.1.1)
    dor-services (4.4.11)
      active-fedora (~> 5.6, >= 5.6.3)
      activesupport
      confstruct (>= 0.2.2)
      dor-workflow-service (~> 1.4)
      druid-tools (>= 0.3.0)
      equivalent-xml (>= 0.2.2)
      json
      moab-versioning (= 1.3.1)
      net-sftp
      net-ssh
      nokogiri (>= 1.6.0)
      om
      progressbar
      rdf (= 1.0.10.2)
      rest-client
      rsolr-ext
      ruby-cache
      ruby-graphviz
      solrizer (~> 2.0)
      stanford-mods (>= 0.0.14)
      systemu
      uuidtools
      validatable
    dor-workflow-service (1.4.1)
      activesupport
      confstruct
      nokogiri
      rest-client
    druid-tools (0.3.0)
    ensure_valid_encoding (0.5.3)
    equivalent-xml (0.4.0)
      nokogiri (>= 1.4.3)
    erubis (2.7.0)
    eventmachine (1.0.3)
    execjs (2.0.2)
    fastercsv (1.5.5)
    ffi (1.9.3)
    fssm (0.2.10)
    haml (4.0.4)
      tilt
    happymapper (0.4.1)
      libxml-ruby (~> 2.0)
    hashery (2.1.1)
    hike (1.2.3)
    hooks (0.3.3)
    i18n (0.6.9)
    is_it_working-cbeer (1.0.16)
    iso-639 (0.2.4)
    jettywrapper (1.5.0)
      activesupport (>= 3.0.0)
      childprocess
      i18n
      logger
      mediashelf-loggable
    journey (1.0.4)
    jquery-rails (2.1.4)
      railties (>= 3.0, < 5.0)
      thor (>= 0.14, < 2.0)
    json (1.8.1)
    kaminari (0.15.0)
      actionpack (>= 3.0.0)
      activesupport (>= 3.0.0)
    kgio (2.8.1)
    libv8 (3.3.10.4)
    libxml-ruby (2.7.0)
    logger (1.2.8)
    mail (2.5.4)
      mime-types (~> 1.16)
      treetop (~> 1.4.8)
    marc (0.8.1)
      ensure_valid_encoding
      unf
    mediashelf-loggable (0.4.9)
    method_source (0.8.2)
    mime-types (1.25.1)
    mini_portile (0.5.2)
    moab-versioning (1.3.1)
      confstruct
      happymapper
      hashery (>= 2.0.0)
      json
      nokogiri
      systemu
    mods (0.0.22)
      iso-639
      nokogiri
      nom-xml
    mods_display (0.2.3)
      stanford-mods
    multi_json (1.8.2)
    mysql2 (0.3.13)
    net-sftp (2.1.2)
      net-ssh (>= 2.6.5)
    net-ssh (2.7.0)
    nokogiri (1.6.0)
      mini_portile (~> 0.5.0)
    nom-xml (0.5.1)
      activesupport
      i18n
      nokogiri
    om (1.8.0)
      activemodel
      activesupport
      deprecation
      mediashelf-loggable
      nokogiri (>= 1.4.2)
    pdf-reader (1.3.3)
      Ascii85 (~> 1.0.0)
      afm (~> 0.2.0)
      hashery (~> 2.0)
      ruby-rc4
      ttfunk
    polyglot (0.3.3)
    prawn (0.12.0)
      pdf-reader (>= 0.9.0)
      ttfunk (~> 1.0.2)
    progressbar (0.21.0)
    pry (0.9.12.4)
      coderay (~> 1.0)
      method_source (~> 0.8)
      slop (~> 3.4)
    rack (1.4.5)
    rack-cache (1.2)
      rack (>= 0.4)
    rack-ssl (1.3.3)
      rack
    rack-test (0.6.2)
      rack (>= 1.0)
    rails (3.2.16)
      actionmailer (= 3.2.16)
      actionpack (= 3.2.16)
      activerecord (= 3.2.16)
      activeresource (= 3.2.16)
      activesupport (= 3.2.16)
      bundler (~> 1.0)
      railties (= 3.2.16)
    railties (3.2.16)
      actionpack (= 3.2.16)
      activesupport (= 3.2.16)
      rack-ssl (~> 1.3.2)
      rake (>= 0.8.7)
      rdoc (~> 3.4)
      thor (>= 0.14.6, < 2.0)
    raindrops (0.12.0)
    rake (10.1.0)
    rdf (1.0.10.2)
      addressable (>= 2.3)
    rdf-rdfxml (0.3.9)
      rdf (>= 0.3.11)
      rdf-xsd (>= 0.3.8)
    rdf-xsd (1.0.2.1)
      nokogiri (>= 1.5.0)
      rdf (>= 0.3.4)
    rdoc (3.12.2)
      json (~> 1.4)
    rest-client (1.6.7)
      mime-types (>= 1.16)
    rsolr-client-cert (0.5.2)
      rest-client
      rsolr
    rsolr-ext (1.0.3)
      rsolr (>= 1.0.2)
    rspec-core (2.14.7)
    rspec-expectations (2.14.4)
      diff-lcs (>= 1.1.3, < 2.0)
    rspec-mocks (2.14.4)
    rspec-rails (2.14.0)
      actionpack (>= 3.0)
      activesupport (>= 3.0)
      railties (>= 3.0)
      rspec-core (~> 2.14.0)
      rspec-expectations (~> 2.14.0)
      rspec-mocks (~> 2.14.0)
    ruby-cache (0.3.0)
    ruby-graphviz (1.0.9)
    ruby-prof (0.13.0)
    ruby-rc4 (0.1.5)
    rubydora (1.6.5)
      activemodel
      activesupport
      deprecation
      equivalent-xml
      fastercsv
      hooks (~> 0.3.0)
      mime-types
      nokogiri
      rest-client
    rubyzip (1.1.0)
    sass (3.2.12)
    sass-rails (3.2.6)
      railties (~> 3.2.0)
      sass (>= 3.1.10)
      tilt (~> 1.3)
    selenium-webdriver (2.38.0)
      childprocess (>= 0.2.5)
      multi_json (~> 1.0)
      rubyzip (~> 1.0)
      websocket (~> 1.0.4)
    simplecov (0.8.2)
      docile (~> 1.1.0)
      multi_json
      simplecov-html (~> 0.8.0)
    simplecov-html (0.8.0)
    slop (3.4.7)
    solrizer (2.2.0)
      activesupport
      daemons
      mediashelf-loggable (~> 0.4.7)
      nokogiri
      om (>= 1.5.0)
      stomp
      xml-simple
    solrizer-fedora (2.3.1)
      active-fedora
    sprockets (2.2.2)
      hike (~> 1.2)
      multi_json (~> 1.0)
      rack (~> 1.0)
      tilt (~> 1.1, != 1.3.0)
    sqlite3 (1.3.8)
    squash_rails (1.3.0)
      squash_ruby
    squash_ruby (1.2.3)
      json
    stanford-mods (0.0.22)
      mods
    stomp (1.3.2)
    systemu (2.6.0)
    therubyracer (0.10.2)
      libv8 (~> 3.3.10)
    thin (1.6.1)
      daemons (>= 1.0.9)
      eventmachine (>= 1.0.0)
      rack (>= 1.0.0)
    thor (0.18.1)
    tilt (1.4.1)
    treetop (1.4.15)
      polyglot
      polyglot (>= 0.3.1)
    ttfunk (1.0.3)
    tzinfo (0.3.38)
    uglifier (2.3.2)
      execjs (>= 0.3.0)
      json (>= 1.8.0)
    unf (0.1.3)
      unf_ext
    unf_ext (0.0.6)
    unicode (0.4.4)
    unicorn (4.7.0)
      kgio (~> 2.6)
      rack
      raindrops (~> 0.7)
    uuidtools (2.1.4)
    validatable (1.6.7)
    websocket (1.0.7)
    xml-simple (1.1.2)
    xpath (2.0.0)
      nokogiri (~> 1.3)

PLATFORMS
  ruby

DEPENDENCIES
  about_page
  barby
  blacklight (~> 3.7)
  blacklight-hierarchy (~> 0.0.3)
  capybara
  coderay
  coffee-rails (~> 3.2.1)
  compass-rails (~> 1.0.0)
  compass-susy-plugin (~> 0.9.0)
  confstruct (~> 0.2.4)
  dalli
  dor-services (>= 4.4.9)
  dor-workflow-service (= 1.4.1)
  druid-tools (~> 0.3.0)
  haml
  is_it_working-cbeer
  jettywrapper
  jquery-rails (= 2.1.4)
  kaminari
  kgio
  moab-versioning (= 1.3.1)
  mods_display
  mysql2 (= 0.3.13)
  net-sftp
  prawn (>= 0.12.0)
  progressbar
  pry
  rack-test
  rack-webauth!
  rails (~> 3.2.11)
  rake
  rsolr!
  rsolr-client-cert (~> 0.5.2)
  rspec-rails
  ruby-graphviz
  ruby-prof
  sass-rails (~> 3.2.0)
  selenium-webdriver
  simplecov
  solrizer-fedora
  sqlite3
  squash_rails
  squash_ruby
  stanford-mods
  therubyracer (~> 0.10.0)
  thin
  thread!
  uglifier (>= 1.0.3)
  unicorn
